GEM
  remote: http://rubygems.org/
  specs:
    childprocess (0.3.9)
      ffi (~> 1.0, >= 1.0.11)
    data_magic (0.14)
      faker (>= 1.1.2)
      yml_reader (>= 0.2)
    diff-lcs (1.2.4)
    faker (1.1.2)
      i18n (~> 0.5)
    ffi (1.9.0-x86-mingw32)
    i18n (0.6.4)
    multi_json (1.7.7)
    page-object (0.8.10)
      page_navigation (>= 0.8)
      selenium-webdriver (>= 2.32.1)
      watir-webdriver (>= 0.6.4)
    page_navigation (0.9)
      data_magic (>= 0.14)
    rspec (2.14.0.rc1)
      rspec-core (= 2.14.0.rc1)
      rspec-expectations (= 2.14.0.rc1)
      rspec-mocks (= 2.14.0.rc1)
    rspec-core (2.14.0.rc1)
    rspec-expectations (2.14.0.rc1)
      diff-lcs (>= 1.1.3, < 2.0)
    rspec-mocks (2.14.0.rc1)
    rubyzip (0.9.9)
    russian (0.6.0)
      i18n (>= 0.5.0)
    ryba (0.1.2)
    selenium-webdriver (2.33.0)
      childprocess (>= 0.2.5)
      multi_json (~> 1.0)
      rubyzip
      websocket (~> 1.0.4)
    vydumschik (0.2.0)
    watir-webdriver (0.6.4)
      selenium-webdriver (>= 2.18.0)
    websocket (1.0.7)
    yml_reader (0.2)

PLATFORMS
  x86-mingw32

DEPENDENCIES
  page-object (~> 0.8.10)
  rspec (~> 2.14.0.rc1)
  russian
  ryba
  vydumschik
